GEM
  remote: https://rubygems.org/
  specs:
    actionmailer (3.2.13)
      actionpack (= 3.2.13)
      mail (~> 2.5.3)
    actionpack (3.2.13)
      activemodel (= 3.2.13)
      activesupport (= 3.2.13)
      builder (~> 3.0.0)
      erubis (~> 2.7.0)
      journey (~> 1.0.4)
      rack (~> 1.4.5)
      rack-cache (~> 1.2)
      rack-test (~> 0.6.1)
      sprockets (~> 2.2.1)
    active_shipping (0.11.2)
      active_utils (>= 1.0.1)
      activesupport (>= 2.3.5)
      builder
      i18n
      json (>= 1.5.1)
    active_utils (2.2.3)
      activesupport (>= 2.3.11)
      i18n
    activemerchant (1.43.3)
      active_utils (~> 2.0, >= 2.0.1)
      activesupport (>= 2.3.14, < 5.0.0)
      builder (>= 2.1.2, < 4.0.0)
      i18n (~> 0.5)
      json (~> 1.7)
      money (< 7.0.0)
      nokogiri (~> 1.4)
    activemodel (3.2.13)
      activesupport (= 3.2.13)
      builder (~> 3.0.0)
    activerecord (3.2.13)
      activemodel (= 3.2.13)
      activesupport (= 3.2.13)
      arel (~> 3.0.2)
      tzinfo (~> 0.3.29)
    activeresource (3.2.13)
      activemodel (= 3.2.13)
      activesupport (= 3.2.13)
    activesupport (3.2.13)
      i18n (= 0.6.1)
      multi_json (~> 1.0)
    addressable (2.3.8)
    arel (3.0.3)
    aws-sdk (1.19.0)
      json (~> 1.4)
      nokogiri (>= 1.4.4, < 1.6.0)
      uuidtools (~> 2.1)
    builder (3.0.4)
    climate_control (0.0.3)
      activesupport (>= 3.0)
    cocaine (0.5.7)
      climate_control (>= 0.0.3, < 1.0)
    coffee-rails (3.2.2)
      coffee-script (>= 2.2.0)
      railties (~> 3.2.0)
    coffee-script (2.4.1)
      coffee-script-source
      execjs
    coffee-script-source (1.9.1.1)
    columnize (0.9.0)
    daemons (1.2.3)
    debugger (1.6.8)
      columnize (>= 0.3.1)
      debugger-linecache (~> 1.2.0)
      debugger-ruby_core_source (~> 1.3.5)
    debugger-linecache (1.2.0)
    debugger-ruby_core_source (1.3.8)
    delayed_job (4.0.6)
      activesupport (>= 3.0, < 5.0)
    delayed_job_active_record (4.0.3)
      activerecord (>= 3.0, < 5.0)
      delayed_job (>= 3.0, < 4.1)
    erubis (2.7.0)
    execjs (2.5.2)
    fastimage (1.7.0)
      addressable (~> 2.3, >= 2.3.5)
    get_process_mem (0.2.0)
    haml (4.0.6)
      tilt
    haml-rails (0.4)
      actionpack (>= 3.1, < 4.1)
      activesupport (>= 3.1, < 4.1)
      haml (>= 3.1, < 4.1)
      railties (>= 3.1, < 4.1)
    hike (1.2.3)
    hodel_3000_compliant_logger (0.1.1)
    i18n (0.6.1)
    journey (1.0.4)
    jquery-rails (3.1.3)
      railties (>= 3.0, < 5.0)
      thor (>= 0.14, < 2.0)
    jquery-ui-rails (4.1.2)
      railties (>= 3.1.0)
    json (1.8.3)
    kgio (2.9.3)
    libv8 (3.16.14.11)
    mail (2.5.4)
      mime-types (~> 1.16)
      treetop (~> 1.4.8)
    mailjet (0.0.5)
      activesupport (>= 3.1.0)
      rack (>= 1.4.0)
    mime-types (1.25.1)
    mimemagic (0.3.0)
    money (5.1.1)
      i18n (~> 0.6.0)
    multi_json (1.11.2)
    mysql2 (0.3.18)
    nokogiri (1.5.11)
    oink (0.10.1)
      activerecord
      hodel_3000_compliant_logger
    paperclip (4.3.0)
      activemodel (>= 3.2.0)
      activesupport (>= 3.2.0)
      cocaine (~> 0.5.5)
      mime-types
      mimemagic (= 0.3.0)
    pdf-core (0.2.5)
    pg (0.18.2)
    polyamorous (1.2.0)
      activerecord (>= 3.0)
    polyglot (0.3.5)
    prawn (1.0.0)
      pdf-core (~> 0.2.2)
      ttfunk (~> 1.1.1)
    rack (1.4.7)
    rack-cache (1.2)
      rack (>= 0.4)
    rack-ssl (1.3.4)
      rack
    rack-test (0.6.3)
      rack (>= 1.0)
    rails (3.2.13)
      actionmailer (= 3.2.13)
      actionpack (= 3.2.13)
      activerecord (= 3.2.13)
      activeresource (= 3.2.13)
      activesupport (= 3.2.13)
      bundler (~> 1.0)
      railties (= 3.2.13)
    railties (3.2.13)
      actionpack (= 3.2.13)
      activesupport (= 3.2.13)
      rack-ssl (~> 1.3.2)
      rake (>= 0.8.7)
      rdoc (~> 3.4)
      thor (>= 0.14.6, < 2.0)
    raindrops (0.15.0)
    rake (10.4.2)
    ransack (1.6.6)
      actionpack (>= 3.0)
      activerecord (>= 3.0)
      activesupport (>= 3.0)
      i18n
      polyamorous (~> 1.2)
    rdoc (3.12.2)
      json (~> 1.4)
    ref (2.0.0)
    sass (3.4.16)
    sass-rails (3.2.6)
      railties (~> 3.2.0)
      sass (>= 3.1.10)
      tilt (~> 1.3)
    sprockets (2.2.3)
      hike (~> 1.2)
      multi_json (~> 1.0)
      rack (~> 1.0)
      tilt (~> 1.1, != 1.3.0)
    sqlite3 (1.3.10)
    therubyracer (0.12.2)
      libv8 (~> 3.16.14.0)
      ref
    thor (0.19.1)
    tilt (1.4.1)
    treetop (1.4.15)
      polyglot
      polyglot (>= 0.3.1)
    ttfunk (1.1.1)
    tzinfo (0.3.44)
    uglifier (2.7.1)
      execjs (>= 0.3.0)
      json (>= 1.8.0)
    unicorn (4.9.0)
      kgio (~> 2.6)
      rack
      raindrops (~> 0.7)
    unicorn-worker-killer (0.4.3)
      get_process_mem (~> 0)
      unicorn (~> 4)
    uuidtools (2.1.5)
    will_paginate (3.0.7)

PLATFORMS
  ruby

DEPENDENCIES
  active_shipping (= 0.11.2)
  activemerchant
  aws-sdk (= 1.19.0)
  coffee-rails (~> 3.2.1)
  daemons
  debugger
  delayed_job_active_record
  fastimage
  haml-rails
  jquery-rails
  jquery-ui-rails
  mailjet (= 0.0.5)
  mysql2
  oink
  paperclip
  pg
  prawn (~> 1.0.0.rc2)
  rails (= 3.2.13)
  ransack
  sass-rails (~> 3.2.3)
  sqlite3
  therubyracer
  uglifier (>= 1.0.3)
  unicorn
  unicorn-worker-killer
  will_paginate (~> 3.0)

BUNDLED WITH
   1.10.5
